PATH
  remote: .
  specs:
    workos (0.10.1)
      sorbet-runtime (~> 0.5)

GEM
  remote: https://rubygems.org/
  specs:
    addressable (2.7.0)
      public_suffix (>= 2.0.2, < 5.0)
    ast (2.4.0)
    codecov (0.2.8)
      json
      simplecov
    crack (0.4.3)
      safe_yaml (~> 1.0.0)
    diff-lcs (1.3)
    docile (1.3.2)
    hashdiff (1.0.0)
    jaro_winkler (1.5.4)
    json (2.3.1)
    parallel (1.19.1)
    parser (2.7.0.0)
      ast (~> 2.4.0)
    public_suffix (4.0.2)
    rainbow (3.0.0)
    rake (13.0.1)
    rspec (3.9.0)
      rspec-core (~> 3.9.0)
      rspec-expectations (~> 3.9.0)
      rspec-mocks (~> 3.9.0)
    rspec-core (3.9.0)
      rspec-support (~> 3.9.0)
    rspec-expectations (3.9.0)
      diff-lcs (>= 1.2.0, < 2.0)
      rspec-support (~> 3.9.0)
    rspec-mocks (3.9.0)
      diff-lcs (>= 1.2.0, < 2.0)
      rspec-support (~> 3.9.0)
    rspec-support (3.9.0)
    rubocop (0.78.0)
      jaro_winkler (~> 1.5.1)
      parallel (~> 1.10)
      parser (>= 2.6)
      rainbow (>= 2.2.2, < 4.0)
      ruby-progressbar (~> 1.7)
      unicode-display_width (>= 1.4.0, < 1.7)
    ruby-progressbar (1.10.1)
    safe_yaml (1.0.5)
    simplecov (0.19.0)
      docile (~> 1.1)
      simplecov-html (~> 0.11)
    simplecov-html (0.12.2)
    sorbet (0.5.5560)
      sorbet-static (= 0.5.5560)
    sorbet-runtime (0.5.6300)
    sorbet-static (0.5.5560-universal-darwin-14)
    unicode-display_width (1.6.0)
    vcr (5.0.0)
    webmock (3.7.6)
      addressable (>= 2.3.6)
      crack (>= 0.3.2)
      hashdiff (>= 0.4.0, < 2.0.0)
    yard (0.9.22)

PLATFORMS
  ruby

DEPENDENCIES
  bundler (>= 2.0.1)
  codecov (~> 0.2.8)
  rake
  rspec (~> 3.9.0)
  rubocop (~> 0.77)
  sorbet (~> 0.5)
  vcr (~> 5.0.0)
  webmock
  workos!
  yard

BUNDLED WITH
   2.1.4
